GEM
  remote: http://rubygems.org/
  specs:
    erubis (2.7.0)
    json (1.5.4)
    mime-types (1.16)
    rack (1.3.2)
    sinatra (1.2.6)
      rack (~> 1.1)
      tilt (< 2.0, >= 1.2.2)
    tilt (1.3.3)
    typhoeus (0.2.4)
      mime-types
      mime-types

PLATFORMS
  ruby

DEPENDENCIES
  erubis
  json
  sinatra
  typhoeus
